GEM
  remote: https://rubygems.org/
  specs:
    addressable (2.3.4)
    crack (0.3.2)
    diff-lcs (1.2.4)
    nokogiri (1.5.9)
    rack (1.5.2)
    rack-protection (1.5.0)
      rack
    rspec (2.13.0)
      rspec-core (~> 2.13.0)
      rspec-expectations (~> 2.13.0)
      rspec-mocks (~> 2.13.0)
    rspec-core (2.13.1)
    rspec-expectations (2.13.0)
      diff-lcs (>= 1.1.3, < 2.0)
    rspec-mocks (2.13.1)
    sinatra (1.4.2)
      rack (~> 1.5, >= 1.5.2)
      rack-protection (~> 1.4)
      tilt (~> 1.3, >= 1.3.4)
    tilt (1.4.1)
    vcr (2.5.0)
    webmock (1.11.0)
      addressable (>= 2.2.7)
      crack (>= 0.3.2)

PLATFORMS
  ruby

DEPENDENCIES
  nokogiri
  rspec
  sinatra
  vcr
  webmock
